GEM
  remote: https://rubygems.org/
  specs:
    actionmailer (3.2.13)
      actionpack (= 3.2.13)
      mail (~> 2.5.3)
    actionpack (3.2.13)
      activemodel (= 3.2.13)
      activesupport (= 3.2.13)
      builder (~> 3.0.0)
      erubis (~> 2.7.0)
      journey (~> 1.0.4)
      rack (~> 1.4.5)
      rack-cache (~> 1.2)
      rack-test (~> 0.6.1)
      sprockets (~> 2.2.1)
    activemodel (3.2.13)
      activesupport (= 3.2.13)
      builder (~> 3.0.0)
    activerecord (3.2.13)
      activemodel (= 3.2.13)
      activesupport (= 3.2.13)
      arel (~> 3.0.2)
      tzinfo (~> 0.3.29)
    activerecord-import (0.3.1)
      activerecord (~> 3.0)
    activeresource (3.2.13)
      activemodel (= 3.2.13)
      activesupport (= 3.2.13)
    activesupport (3.2.13)
      i18n (= 0.6.1)
      multi_json (~> 1.0)
    acts-as-taggable-on (2.4.1)
      rails (>= 3, < 5)
    acts_as_api (0.4.1)
      activemodel (>= 3.0.0)
      activesupport (>= 3.0.0)
      rack (>= 1.1.0)
    addressable (2.3.5)
    arel (3.0.2)
    asset_sync (1.0.0)
      activemodel
      fog (>= 1.8.0)
    bcrypt-ruby (3.1.1)
    bootstrap-sass (2.2.2.0)
      sass (~> 3.2)
    builder (3.0.4)
    capybara (2.1.0)
      mime-types (>= 1.16)
      nokogiri (>= 1.3.3)
      rack (>= 1.0.0)
      rack-test (>= 0.5.4)
      xpath (~> 2.0)
    carrierwave (0.9.0)
      activemodel (>= 3.2.0)
      activesupport (>= 3.2.0)
      json (>= 1.7)
    celluloid (0.13.0)
      timers (>= 1.0.0)
    childprocess (0.9.0)
      ffi (~> 1.0, >= 1.0.11)
    chunky_png (1.2.8)
    client_side_validations (3.2.5)
    coderay (1.0.9)
    coffee-rails (3.2.2)
      coffee-script (>= 2.2.0)
      railties (~> 3.2.0)
    coffee-script (2.2.0)
      coffee-script-source
      execjs
    coffee-script-source (1.6.3)
    compass (0.12.2)
      chunky_png (~> 1.2)
      fssm (>= 0.2.7)
      sass (~> 3.1)
    compass-rails (1.0.3)
      compass (>= 0.12.2, < 0.14)
    configurate (0.0.8)
    connection_pool (1.0.0)
    crack (0.4.0)
      safe_yaml (~> 0.9.0)
    cucumber (...